GEM
  remote: https://rubygems.org/
  specs:
    backports (3.8.0)
    erubis (2.7.0)
    minitest (5.10.2)
    multi_json (1.12.1)
    puma (3.9.1)
    rack (1.6.8)
    rack-protection (1.5.3)
      rack
    rack-test (0.6.3)
      rack (>= 1.0)
    sinatra (1.4.8)
      rack (~> 1.5)
      rack-protection (~> 1.4)
      tilt (>= 1.3, < 3)
    sinatra-contrib (1.4.7)
      backports (>= 2.0)
      multi_json
      rack-protection
      rack-test
      sinatra (~> 1.4.0)
      tilt (>= 1.3, < 3)
    tilt (2.0.7)

PLATFORMS
  ruby

DEPENDENCIES
  erubis
  minitest
  puma
  sinatra (~> 1.4.7)
  sinatra-contrib

BUNDLED WITH
   1.15.0
